GEM
  remote: http://rubygems.org/
  specs:
    bson (1.3.1)
    builder (3.0.0)
    hpricot (0.8.4)
    mongo (1.3.1)
      bson (>= 1.3.1)
    rack (1.3.2)
    gruff (0.3.6)
    sinatra (1.2.0)
      rack (~> 1.1)
      tilt (>= 1.2.2, < 2.0)
    slim (1.0.1)
      temple (~> 0.3.0)
      tilt (~> 1.2)
    temple (0.3.2)
    tilt (1.2.2)
    rmagick (2.13.1)

PLATFORMS
  ruby

DEPENDENCIES
  builder
  hpricot
  mongo
  sinatra (= 1.2)
  slim
  tilt (= 1.2.2)
  rmagick
