GEM
  remote: http://rubygems.org/
  specs:
    bson (1.3.1)
    googlecharts (1.6.7)
    gruff (0.3.6)
    hpricot (0.8.4)
    mongo (1.3.1)
      bson (>= 1.3.1)
    rack (1.3.1)
    sinatra (1.2.0)
      rack (~> 1.1)
      tilt (>= 1.2.2, < 2.0)
    slim (1.0.0)
      temple (~> 0.3.0)
      tilt (~> 1.2)
    temple (0.3.2)
    tilt (1.2.2)

PLATFORMS
  ruby

DEPENDENCIES
  googlecharts
  gruff
  hpricot
  mongo
  sinatra (= 1.2)
  slim
  tilt (= 1.2.2)
